PATH
  remote: .
  specs:
    pliny-librato (0.3.0)
      librato-metrics (~> 2.0)
      pliny (>= 0.20.0)

GEM
  remote: https://rubygems.org/
  specs:
    activesupport (4.2.7.1)
      i18n (~> 0.7)
      json (~> 1.7, >= 1.7.7)
      minitest (~> 5.1)
      thread_safe (~> 0.3, >= 0.3.4)
      tzinfo (~> 1.1)
    aggregate (0.2.2)
    byebug (9.0.6)
    coderay (1.1.1)
    diff-lcs (1.2.5)
    erubis (2.7.0)
    faraday (0.10.0)
      multipart-post (>= 1.2, < 3)
    http_accept (0.1.6)
    i18n (0.7.0)
    json (1.8.3)
    json_schema (0.16.0)
    librato-metrics (2.0.2)
      aggregate (~> 0.2.2)
      faraday
    method_source (0.8.2)
    minitest (5.10.1)
    multi_json (1.12.1)
    multipart-post (2.0.0)
    pliny (0.21.0)
      activesupport (~> 4.1, >= 4.1.0)
      http_accept (~> 0.1, >= 0.1.5)
      multi_json (~> 1.9, >= 1.9.3)
      prmd (~> 0.11, >= 0.11.4)
      sinatra (~> 1.4, >= 1.4.7)
      sinatra-router (~> 0.2, >= 0.2.3)
      thor (~> 0.19, >= 0.19.1)
    prmd (0.13.0)
      erubis (~> 2.7)
      json_schema (~> 0.3, >= 0.3.1)
    pry (0.10.4)
      coderay (~> 1.1.0)
      method_source (~> 0.8.1)
      slop (~> 3.4)
    pry-byebug (3.4.1)
      byebug (~> 9.0)
      pry (~> 0.10)
    rack (1.6.5)
    rack-protection (1.5.3)
      rack
    rake (10.5.0)
    rspec (3.5.0)
      rspec-core (~> 3.5.0)
      rspec-expectations (~> 3.5.0)
      rspec-mocks (~> 3.5.0)
    rspec-core (3.5.4)
      rspec-support (~> 3.5.0)
    rspec-expectations (3.5.0)
      diff-lcs (>= 1.2.0, < 2.0)
      rspec-support (~> 3.5.0)
    rspec-mocks (3.5.0)
      diff-lcs (>= 1.2.0, < 2.0)
      rspec-support (~> 3.5.0)
    rspec-support (3.5.0)
    sinatra (1.4.7)
      rack (~> 1.5)
      rack-protection (~> 1.4)
      tilt (>= 1.3, < 3)
    sinatra-router (0.2.3)
      sinatra (~> 1.4)
    slop (3.6.0)
    thor (0.19.4)
    thread_safe (0.3.5)
    tilt (2.0.5)
    timecop (0.8.1)
    tzinfo (1.2.2)
      thread_safe (~> 0.1)

PLATFORMS
  ruby

DEPENDENCIES
  bundler (~> 1.13)
  pliny-librato!
  pry (~> 0.10)
  pry-byebug (~> 3.4)
  rake (~> 10.0)
  rspec (~> 3.3)
  timecop (~> 0.8.1)

BUNDLED WITH
   1.13.6
